GIT
  remote: git://github.com/Sija/dotiw.git
  revision: b109980005bf3114b8ebf876ef63173e451e0f67
  specs:
    dotiw (1.2)
      actionpack (>= 3)
      i18n

GIT
  remote: git://github.com/activerecord-hackery/squeel.git
  revision: 918eb108807513c61d0db3b26a749908b28235d4
  specs:
    squeel (1.2.1)
      activerecord (>= 3.0)
      activesupport (>= 3.0)
      polyamorous (~> 1.1.0)

GIT
  remote: git://github.com/gregbell/active_admin.git
  revision: a8ae008ec9632110bf33443ce7090dfef9cca480
  specs:
    activeadmin (1.0.0.pre)
      arbre (~> 1.0)
      bourbon
      coffee-rails
      formtastic (~> 2.3.0.rc3)
      inherited_resources (~> 1.4.1)
      jquery-rails
      jquery-ui-rails (~> 5.0)
      kaminari (~> 0.15)
      rails (>= 3.2, < 4.2)
      ransack (~> 1.0)
      sass-rails

GIT
  remote: git://github.com/jlaxson/acts_as_flying_saucer.git
  revision: e569a46de39ad777e5a078d8c4f2387d37847a6c
  branch: master
  specs:
    acts_as_flying_saucer (1.0.4)

GIT
  remote: git://github.com/jlaxson/cancan.git
  revision: 0ca3749869af1b5e154f81fca35d4199666ac2f8
  specs:
    cancan (1.6.10)

GIT
  remote: git://github.com/jlaxson/openid-connect-engine.git
  revision: 3105b9637eb787ac53f99c4a58b07347c531f70a
  branch: master
  specs:
    connect (0.0.1)
      html5_validators
      openid_connect
      rack-oauth2
      rails (~> 4.0)
      squeel (~> 1.1)

GIT
  remote: git://github.com/seyhunak/twitter-bootstrap-rails.git
  revision: 1d93c5a77049b3d21d17c847ad0531d7714fa229
  branch: bootstrap3
  specs:
    twitter-bootstrap-rails (3.1.1)
      actionpack (>= 3.1)
      execjs
      rails (>= 3.1)
      railties (>= 3.1)

GEM
  remote: https://rubygems.org/
  specs:
    ZenTest (4.10.1)
    actionmailer (4.1.4)
      actionpack (= 4.1.4)
      actionview (= 4.1.4)
      mail (~> 2.5.4)
    actionpack (4.1.4)
      actionview (= 4.1.4)
      activesupport (= 4.1.4)
      rack (~> 1.5.2)
      rack-test (~> 0.6.2)
    actionview (4.1.4)
      activesupport (= 4.1.4)
      builder (~> 3.1)
      erubis (~> 2.7.0)
    activemodel (4.1.4)
      activesupport (= 4.1.4)
      builder (~> 3.1)
    activerecord (4.1.4)
      activemodel (= 4.1.4)
      activesupport (= 4.1.4)
      arel (~> 5.0.0)
    activerecord-import (0.5.0)
      activerecord (>= 3.0)
    activerecord-postgresql-adapter (0.0.1)
      pg
    activesupport (4.1.4)
      i18n (~> 0.6, >= 0.6.9)
      json (~> 1.7, >= 1.7.7)
      minitest (~> 5.1)
      thread_safe (~> 0.1)
      tzinfo (~> 1.1)
    addressable (2.3.6)
    arbre (1.0.1)
      activesupport (>= 3.0.0)
    arel (5.0.1.20140414130214)
    assignable_values (0.11.1)
      activerecord
    attr_required (1.0.0)
    authlogic (3.4.0)
      activerecord (>= 3.2)
      activesupport (>= 3.2)
      request_store (~> 1.0.5)
    autotest (4.4.6)
      ZenTest (>= 4.4.1)
    aws-sdk (1.49.0)
      json (~> 1.4)
      nokogiri (>= 1.4.4)
    bindata (2.1.0)
    bitly (0.10.1)
      httparty (>= 0.7.6)
      multi_json (~> 1.3)
      oauth2 (>= 0.5.0, < 0.10)
    bootstrap-kaminari-views (0.0.3)
      kaminari (>= 0.13)
      rails (>= 3.1)
    bootstrap-x-editable-rails (1.5.1.1)
      railties (>= 3.0)
    bourbon (3.2.3)
      sass (~> 3.2)
      thor
    builder (3.2.2)
    byebug (3.1.2)
      columnize (~> 0.8)
      debugger-linecache (~> 1.2)
    capistrano (2.15.5)
      highline
      net-scp (>= 1.0.0)
      net-sftp (>= 2.0.0)
      net-ssh (>= 2.0.14)
      net-ssh-gateway (>= 1.1.0)
    capybara (2.4.1)
      mime-types (>= 1.16)
      nokogiri (>= 1.3.3)
      rack (>= 1.0.0)
      rack-test (>= 0.5.4)
      xpath (~> 2.0)
    capybara-screenshot (0.3.21)
      capybara (>= 1.0, < 3)
      colorize
      launchy
    capybara-webkit (1.1.0)
      capybara (~> 2.0, >= 2.0.2)
      json
    chronic (0.10.2)
    climate_control (0.0.3)
      activesupport (>= 3.0)
    cocaine (0.5.4)
      climate_control (>= 0.0.3, < 1.0)
    cocoon (1.2.6)
    coffee-rails (4.0.1)
      coffee-script (>= 2.2.0)
      railties (>= 4.0.0, < 5.0)
    coffee-script (2.3.0)
      coffee-script-source
      execjs
    coffee-script-source (1.7.1)
    colorize (0.7.3)
    columnize (0.8.9)
    commonjs (0.2.7)
    couchrest (1.2.0)
      mime-types (~> 1.15)
      multi_json (~> 1.0)
      rest-client (~> 1.6.1)
    coveralls (0.7.0)
      multi_json (~> 1.3)
      rest-client
      simplecov (>= 0.7)
      term-ansicolor
      thor
    crack (0.4.2)
      safe_yaml (~> 1.0.0)
    css_parser (1.3.5)
      addressable
    dalli (2.7.2)
    database_cleaner (1.0.1)
    debugger-linecache (1.2.0)
    delayed_job (4.0.2)
      activesupport (>= 3.0, < 4.2)
    delayed_job_active_record (4.0.1)
      activerecord (>= 3.0, < 4.2)
      delayed_job (>= 3.0, < 4.1)
    delorean (2.1.0)
      chronic
    diff-lcs (1.2.5)
    docile (1.1.5)
    erubis (2.7.0)
    execjs (2.2.1)
    factory_girl (4.4.0)
      activesupport (>= 3.0.0)
    factory_girl_rails (4.4.1)
      factory_girl (~> 4.4.0)
      railties (>= 3.0.0)
    faker (1.4.2)
      i18n (~> 0.5)
    faraday (0.9.0)
      multipart-post (>= 1.2, < 3)
    ffi (1.9.3)
    ffi-compiler (0.1.3)
      ffi (>= 1.0.0)
      rake
    formtastic (2.3.0.rc3)
      actionpack (>= 3.0)
    formtastic-bootstrap (3.0.0)
      formtastic (>= 2.2)
    geokit (1.8.5)
      multi_json (>= 1.3.2)
    haml (4.0.5)
      tilt
    haml-rails (0.5.3)
      actionpack (>= 4.0.1)
      activesupport (>= 4.0.1)
      haml (>= 3.1, < 5.0)
      railties (>= 4.0.1)
    has_scope (0.6.0.rc)
      actionpack (>= 3.2, < 5)
      activesupport (>= 3.2, < 5)
    hashie (2.0.5)
    highline (1.6.21)
    hike (1.2.3)
    html5_validators (1.1.2)
    httparty (0.13.1)
      json (~> 1.8)
      multi_xml (>= 0.5.2)
    httpclient (2.4.0)
    i18n (0.6.11)
    inherited_resources (1.4.1)
      has_scope (~> 0.6.0.rc)
      responders (~> 1.0.0.rc)
    jbuilder (2.1.3)
      activesupport (>= 3.0.0, < 5)
      multi_json (~> 1.2)
    jquery-rails (3.1.1)
      railties (>= 3.0, < 5.0)
      thor (>= 0.14, < 2.0)
    jquery-ui-rails (5.0.0)
      railties (>= 3.2.16)
    json (1.8.1)
    json-jwt (0.7.0)
      activesupport
      bindata
      multi_json (>= 1.3)
      securecompare
      url_safe_base64
    jwt (1.0.0)
    kaminari (0.16.1)
      actionpack (>= 3.0.0)
      activesupport (>= 3.0.0)
    kgio (2.9.2)
    launchy (2.4.2)
      addressable (~> 2.3)
    less (2.5.1)
      commonjs (~> 0.2.7)
    less-rails (2.5.0)
      actionpack (>= 3.1)
      less (~> 2.5.0)
    libv8 (3.16.14.3)
    mail (2.5.4)
      mime-types (~> 1.16)
      treetop (~> 1.4.8)
    memcachier (0.0.2)
    mime-types (1.25.1)
    mini_portile (0.6.0)
    minitest (5.4.0)
    multi_json (1.10.1)
    multi_xml (0.5.5)
    multipart-post (2.0.0)
    net-scp (1.2.1)
      net-ssh (>= 2.6.5)
    net-sftp (2.1.2)
      net-ssh (>= 2.6.5)
    net-ssh (2.9.1)
    net-ssh-gateway (1.2.0)
      net-ssh (>= 2.6.5)
    newrelic_rpm (3.9.1.236)
    nokogiri (1.6.3.1)
      mini_portile (= 0.6.0)
    oauth2 (0.9.4)
      faraday (>= 0.8, < 0.10)
      jwt (~> 1.0)
      multi_json (~> 1.3)
      multi_xml (~> 0.5)
      rack (~> 1.2)
    openid_connect (0.8.1)
      activemodel
      attr_required (>= 0.0.5)
      json (>= 1.4.3)
      json-jwt (>= 0.5.5)
      rack-oauth2 (>= 1.0.0)
      swd (>= 0.1.2)
      tzinfo
      validate_email
      validate_url
      webfinger (>= 0.0.2)
    paper_trail (3.0.3)
      activerecord (>= 3.0, < 5.0)
      activesupport (>= 3.0, < 5.0)
    paperclip (4.0.0)
      activemodel (>= 3.0.0)
      activesupport (>= 3.0.0)
      cocaine (~> 0.5.3)
      mime-types
    parallel (1.1.2)
    parallel_tests (1.0.2)
      parallel
    pg (0.17.1)
    polyamorous (1.1.0)
      activerecord (>= 3.0)
    polyglot (0.3.5)
    puma (2.9.0)
      rack (>= 1.1, < 2.0)
    quiet_assets (1.0.3)
      railties (>= 3.1, < 5.0)
    rack (1.5.2)
    rack-oauth2 (1.0.8)
      activesupport (>= 2.3)
      attr_required (>= 0.0.5)
      httpclient (>= 2.2.0.2)
      multi_json (>= 1.3.6)
      rack (>= 1.1)
    rack-rewrite (1.5.0)
    rack-test (0.6.2)
      rack (>= 1.0)
    rack-zippy (1.2.1)
    rails (4.1.4)
      actionmailer (= 4.1.4)
      actionpack (= 4.1.4)
      actionview (= 4.1.4)
      activemodel (= 4.1.4)
      activerecord (= 4.1.4)
      activesupport (= 4.1.4)
      bundler (>= 1.3.0, < 2.0)
      railties (= 4.1.4)
      sprockets-rails (~> 2.0)
    rails_12factor (0.0.2)
      rails_serve_static_assets
      rails_stdout_logging
    rails_serve_static_assets (0.0.2)
    rails_stdout_logging (0.0.3)
    railties (4.1.4)
      actionpack (= 4.1.4)
      activesupport (= 4.1.4)
      rake (>= 0.8.7)
      thor (>= 0.18.1, < 2.0)
    raindrops (0.13.0)
    rake (10.3.2)
    ransack (1.2.0)
      actionpack (>= 3.0)
      activerecord (>= 3.0)
      activesupport (>= 3.0)
      i18n
    rdoc (4.1.1)
      json (~> 1.4)
    ref (1.0.5)
    request_store (1.0.7)
    responders (1.0.0)
      railties (>= 3.2, < 5)
    rest-client (1.6.8)
      mime-types (~> 1.16)
      rdoc (>= 2.4.2)
    ri_cal (0.8.8)
    roadie (2.4.3)
      actionmailer (> 3.0.0, < 5.0.0)
      css_parser (~> 1.3.4)
      nokogiri (> 1.5.0)
      sprockets
    rspec (3.0.0)
      rspec-core (~> 3.0.0)
      rspec-expectations (~> 3.0.0)
      rspec-mocks (~> 3.0.0)
    rspec-activemodel-mocks (1.0.1)
      activemodel (>= 3.0)
      activesupport (>= 3.0)
      rspec-mocks (>= 2.99, < 4.0)
    rspec-core (3.0.3)
      rspec-support (~> 3.0.0)
    rspec-expectations (3.0.3)
      diff-lcs (>= 1.2.0, < 2.0)
      rspec-support (~> 3.0.0)
    rspec-mocks (3.0.3)
      rspec-support (~> 3.0.0)
    rspec-rails (3.0.2)
      actionpack (>= 3.0)
      activesupport (>= 3.0)
      railties (>= 3.0)
      rspec-core (~> 3.0.0)
      rspec-expectations (~> 3.0.0)
      rspec-mocks (~> 3.0.0)
      rspec-support (~> 3.0.0)
    rspec-support (3.0.3)
    ruby-ole (1.2.11.7)
    ruby-openid (2.5.0)
    ruby-prof (0.15.1)
    rvm-capistrano (1.5.3)
      capistrano (~> 2.15.4)
    safe_yaml (1.0.3)
    sass (3.2.19)
    sass-rails (4.0.3)
      railties (>= 4.0.0, < 5.0)
      sass (~> 3.2.0)
      sprockets (~> 2.8, <= 2.11.0)
      sprockets-rails (~> 2.0)
    scrypt (1.2.1)
      ffi-compiler (>= 0.0.2)
      rake
    securecompare (1.0.0)
    sentry-raven (0.9.4)
      faraday (>= 0.7.6)
      hashie (>= 1.1.0)
      uuidtools
    shoulda-matchers (2.6.2)
      activesupport (>= 3.0.0)
    simplecov (0.9.0)
      docile (~> 1.1.0)
      multi_json
      simplecov-html (~> 0.8.0)
    simplecov-html (0.8.0)
    spreadsheet (0.9.7)
      ruby-ole (>= 1.0)
    spring (1.1.3)
    spring-commands-rspec (1.0.2)
      spring (>= 0.9.1)
    sprockets (2.11.0)
      hike (~> 1.2)
      multi_json (~> 1.0)
      rack (~> 1.0)
      tilt (~> 1.1, != 1.3.0)
    sprockets-rails (2.1.3)
      actionpack (>= 3.0)
      activesupport (>= 3.0)
      sprockets (~> 2.8)
    sqlite3 (1.3.9)
    swd (0.2.1)
      activesupport (>= 3)
      attr_required (>= 0.0.5)
      httpclient (>= 2.2.1)
      i18n
      json (>= 1.4.3)
    term-ansicolor (1.3.0)
      tins (~> 1.0)
    therubyracer (0.12.1)
      libv8 (~> 3.16.14.0)
      ref
    thor (0.19.1)
    threach (0.2.0)
    thread_safe (0.3.4)
    tilt (1.4.1)
    timeliness (0.3.7)
    tins (1.3.0)
    treetop (1.4.15)
      polyglot
      polyglot (>= 0.3.1)
    twilio-ruby (3.11.6)
      builder (>= 2.1.2)
      jwt (>= 0.1.2)
      multi_json (>= 1.3.0)
    tzinfo (1.2.1)
      thread_safe (~> 0.1)
    uglifier (2.5.3)
      execjs (>= 0.3.0)
      json (>= 1.8.0)
    unicorn (4.8.3)
      kgio (~> 2.6)
      rack
      raindrops (~> 0.7)
    url_safe_base64 (0.2.2)
    uuidtools (2.1.4)
    validate_email (0.1.6)
      activemodel (>= 3.0)
      mail (>= 2.2.5)
    validate_url (0.2.2)
      activemodel (>= 3.0.0)
      addressable
    vcr (2.9.2)
    webfinger (1.0.0)
      activesupport
      httpclient (>= 2.2.0.2)
      multi_json
    webmock (1.18.0)
      addressable (>= 2.3.6)
      crack (>= 0.3.2)
    xpath (2.0.0)
      nokogiri (~> 1.3)
    zonebie (0.5.1)

PLATFORMS
  ruby

DEPENDENCIES
  activeadmin!
  activerecord-import
  activerecord-postgresql-adapter
  acts_as_flying_saucer!
  assignable_values
  authlogic (= 3.4.0)
  autotest
  aws-sdk
  bitly
  bootstrap-kaminari-views
  bootstrap-x-editable-rails
  byebug
  cancan!
  capistrano
  capybara
  capybara-screenshot
  capybara-webkit
  cocoon
  coffee-rails (~> 4.0)
  connect!
  couchrest
  coveralls
  dalli
  database_cleaner (~> 1.0.1)
  delayed_job_active_record
  delorean
  dotiw!
  factory_girl_rails
  faker
  formtastic (~> 2.3.0rc3)
  formtastic-bootstrap (~> 3.0)
  geokit
  haml-rails
  has_scope
  hashie (~> 2.0.0)
  httparty
  inherited_resources
  jbuilder
  jquery-rails
  jquery-ui-rails
  kaminari
  less-rails
  memcachier
  newrelic_rpm
  nokogiri
  paper_trail (~> 3.0)
  paperclip (~> 4.0.0)
  parallel_tests
  polyamorous
  puma
  quiet_assets
  rack-rewrite
  rack-zippy
  rails (~> 4.1.0)
  rails_12factor
  ransack (~> 1.2.0)
  responders
  ri_cal
  roadie (~> 2.4)
  rspec (~> 3.0)
  rspec-activemodel-mocks
  rspec-rails
  ruby-openid
  ruby-prof
  rvm-capistrano
  sass-rails
  scrypt
  sentry-raven
  shoulda-matchers
  spreadsheet
  spring
  spring-commands-rspec
  sprockets (~> 2.11.0)
  sqlite3
  squeel (~> 1.2.1)!
  therubyracer
  threach
  timeliness
  twilio-ruby
  twitter-bootstrap-rails (~> 3.1.0)!
  uglifier (>= 1.0.3)
  unicorn
  vcr
  webmock
  zonebie
